GEM
  remote: https://rubygems.org/
  specs:
    colorize (0.8.1)
    io-console (0.5.9)
    parslet (1.8.2)
    reline (0.2.4)
      io-console (~> 0.5)
    toml (0.2.0)
      parslet (~> 1.8.0)

PLATFORMS
  x86_64-darwin-20

DEPENDENCIES
  colorize
  reline
  toml

BUNDLED WITH
   2.2.3
