GEM
  remote: https://rubygems.org/
  specs:
    colorize (0.8.1)
    io-console (0.5.9)
    parslet (2.0.0)
    reline (0.2.7)
      io-console (~> 0.5)
    toml (0.3.0)
      parslet (>= 1.8.0, < 3.0.0)

PLATFORMS
  x86_64-darwin-20

DEPENDENCIES
  colorize
  reline
  toml

BUNDLED WITH
   2.2.16
